GEM
  remote: https://rubygems.org/
  specs:
    puma (3.12.4)
    rack (2.2.2)

PLATFORMS
  ruby

DEPENDENCIES
  puma (>= 3.12.2)
  rack (>= 1.6.12)

BUNDLED WITH
   1.10.5
