GEM
  remote: https://rubygems.org/
  specs:
    nio4r (2.5.8)
    puma (4.3.9)
      nio4r (~> 2.0)
    rack (2.2.3)

PLATFORMS
  ruby

DEPENDENCIES
  puma (>= 3.12.2)
  rack (>= 1.6.12)

BUNDLED WITH
   1.10.5
